GIT
  remote: https://github.com/goodwink/ach.git
  revision: 90254ccadb7c958cd71916f76488abd20824fffe
  specs:
    ach (0.3.0.1)

GIT
  remote: https://github.com/intridea/grape.git
  revision: d24bd2f758544244ac65f19c69b94f0ffc34e71b
  branch: frontier
  specs:
    grape (0.1.5)
      hashie (~> 1.2)
      multi_json
      multi_xml
      rack
      rack-mount

GEM
  remote: https://rubygems.org/
  specs:
    actionmailer (3.2.2)
      actionpack (= 3.2.2)
      mail (~> 2.4.0)
    actionpack (3.2.2)
      activemodel (= 3.2.2)
      activesupport (= 3.2.2)
      builder (~> 3.0.0)
      erubis (~> 2.7.0)
      journey (~> 1.0.1)
      rack (~> 1.4.0)
      rack-cache (~> 1.1)
      rack-test (~> 0.6.1)
      sprockets (~> 2.1.2)
    activemodel (3.2.2)
      activesupport (= 3.2.2)
      builder (~> 3.0.0)
    activerecord (3.2.2)
      activemodel (= 3.2.2)
      activesupport (= 3.2.2)
      arel (~> 3.0.2)
      tzinfo (~> 0.3.29)
    activeresource (3.2.2)
      activemodel (= 3.2.2)
      activesupport (= 3.2.2)
    activesupport (3.2.2)
      i18n (~> 0.6)
      multi_json (~> 1.0)
    addressable (2.2.7)
    airbrake (3.0.9)
      activesupport
      builder
    api_cache (0.2.3)
    arel (3.0.2)
    attr_required (0.0.5)
    autoparse (0.3.1)
      addressable (~> 2.2.3)
      extlib (>= 0.9.15)
      multi_json (>= 1.0.0)
    bcrypt-ruby (3.0.1)
    bootstrap-sass (2.0.1)
    builder (3.0.0)
    cancan (1.6.7)
    coffee-rails (3.2.2)
      coffee-script (>= 2.2.0)
      railties (~> 3.2.0)
    coffee-script (2.2.0)
      coffee-script-source
      execjs
    coffee-script-source (1.2.0)
    crack (0.1.8)
    daemons (1.1.8)
    degrade (1.0.0)
    devise (2.0.4)
      bcrypt-ruby (~> 3.0)
      orm_adapter (~> 0.0.3)
      railties (~> 3.1)
      warden (~> 1.1.1)
    diff-lcs (1.1.3)
    domain_name (0.5.2)
      unf (~> 0.0.3)
    dwolla (0.0.14)
      faraday (>= 0.7.6)
      multi_json (~> 1.0)
    erubis (2.7.0)
    eventmachine (0.12.10)
    execjs (1.3.0)
      multi_json (~> 1.0)
    extlib (0.9.15)
    faraday (0.7.6)
      addressable (~> 2.2)
      multipart-post (~> 1.1)
      rack (~> 1.1)
    fb_graph (2.4.3)
      httpclient (>= 2.2.0.2)
      rack-oauth2 (>= 0.14.0)
      tzinfo
    ffi (1.0.11)
    foreman (0.40.0)
      term-ansicolor (~> 1.0.7)
      thor (>= 0.13.6)
    google-api-client (0.4.2)
      addressable (>= 2.2.3)
      autoparse (>= 0.3.1)
      extlib (>= 0.9.15)
      faraday (~> 0.7.0)
      launchy (>= 2.0.0)
      multi_json (>= 1.0.0)
      signet (>= 0.3.1)
    growl (1.0.3)
    guard (1.0.0)
      ffi (>= 0.5.0)
      thor (~> 0.14.6)
    guard-bundler (0.1.3)
      bundler (>= 1.0.0)
      guard (>= 0.2.2)
    guard-rails (0.1.0)
      guard (>= 0.2.2)
    guard-rspec (0.6.0)
      guard (>= 0.10.0)
    guard-sass (0.5.4)
      guard (>= 0.4.0)
      sass (>= 3.1)
    guard-spork (0.5.2)
      guard (>= 0.10.0)
      spork (>= 0.8.4)
    haml (3.1.4)
    has_scope (0.5.1)
    hashie (1.2.0)
    heroku (2.16.1)
      launchy (>= 0.3.2)
      rest-client (~> 1.6.1)
      rubyzip
      term-ansicolor (~> 1.0.5)
    hike (1.2.1)
    hominid (3.0.4)
    httparty (0.8.1)
      multi_json
      multi_xml
    httpclient (2.2.4)
    i18n (0.6.0)
    inherited_resources (1.3.0)
      has_scope (~> 0.5.0)
      responders (~> 0.6.0)
    journey (1.0.3)
    jquery-rails (2.0.1)
      railties (< 5.0, >= 3.2.0)
      thor (~> 0.14)
    json (1.6.5)
    jwt (0.1.4)
      json (>= 1.2.4)
    kaminari (0.13.0)
      actionpack (>= 3.0.0)
      activesupport (>= 3.0.0)
      railties (>= 3.0.0)
    launchy (2.0.5)
      addressable (~> 2.2.6)
    libv8 (3.3.10.4)
    linkedin (0.1.7)
      crack (~> 0.1.4)
      oauth (~> 0.3.5)
      roxml (~> 3.1.3)
    mail (2.4.1)
      i18n (>= 0.4.0)
      mime-types (~> 1.16)
      treetop (~> 1.4.8)
    mechanize (2.3)
      domain_name (~> 0.5, >= 0.5.1)
      mime-types (~> 1.17, >= 1.17.2)
      net-http-digest_auth (~> 1.1, >= 1.1.1)
      net-http-persistent (~> 2.5, >= 2.5.2)
      nokogiri (~> 1.4)
      ntlm-http (~> 0.1, >= 0.1.1)
      webrobots (~> 0.0, >= 0.0.9)
    meta_search (1.1.3)
      actionpack (~> 3.1)
      activerecord (~> 3.1)
      activesupport (~> 3.1)
      polyamorous (~> 0.5.0)
    mime-types (1.17.2)
    multi_json (1.1.0)
    multi_xml (0.4.1)
    multipart-post (1.1.5)
    net-http-digest_auth (1.2)
    net-http-persistent (2.5.2)
    nokogiri (1.5.0)
    ntlm-http (0.1.1)
    oauth (0.3.6)
      ruby-hmac (>= 0.3.1)
    octopi (0.4.5)
      api_cache
      httparty (>= 0.4.5)
      mechanize (>= 0.9.3)
      nokogiri (>= 1.3.1)
    omniauth (1.0.2)
      hashie (~> 1.2)
      rack
    orm_adapter (0.0.6)
    pg (0.13.2)
    polyamorous (0.5.0)
      activerecord (~> 3.0)
    polyglot (0.3.3)
    postmark (0.9.10)
    postmark-rails (0.4.1)
      actionmailer
      postmark (>= 0.9.0)
      rake
    rack (1.4.1)
    rack-cache (1.1)
      rack (>= 0.4)
    rack-mount (0.8.3)
      rack (>= 1.0.0)
    rack-oauth2 (0.14.4)
      activesupport (>= 2.3)
      attr_required (>= 0.0.5)
      httpclient (>= 2.2.0.2)
      i18n
      json (>= 1.4.3)
      rack (>= 1.1)
    rack-olark (0.0.6)
      haml (>= 2.2.0)
      rack (>= 1.2)
    rack-protection (1.2.0)
      rack
    rack-ssl (1.3.2)
      rack
    rack-test (0.6.1)
      rack (>= 1.0)
    rails (3.2.2)
      actionmailer (= 3.2.2)
      actionpack (= 3.2.2)
      activerecord (= 3.2.2)
      activeresource (= 3.2.2)
      activesupport (= 3.2.2)
      bundler (~> 1.0)
      railties (= 3.2.2)
    railties (3.2.2)
      actionpack (= 3.2.2)
      activesupport (= 3.2.2)
      rack-ssl (~> 1.3.2)
      rake (>= 0.8.7)
      rdoc (~> 3.4)
      thor (~> 0.14.6)
    rake (0.9.2.2)
    rb-fsevent (0.9.0)
    rdoc (3.12)
      json (~> 1.4)
    redis (2.2.2)
    redis-namespace (1.0.3)
      redis (< 3.0.0)
    responders (0.6.5)
    resque (1.20.0)
      multi_json (~> 1.0)
      redis-namespace (~> 1.0.2)
      sinatra (>= 0.9.2)
      vegas (~> 0.1.2)
    rest-client (1.6.7)
      mime-types (>= 1.16)
    rollout (1.1.0)
    roxml (3.1.6)
      activesupport (>= 2.3.0)
      nokogiri (>= 1.3.3)
    rspec (2.8.0)
      rspec-core (~> 2.8.0)
      rspec-expectations (~> 2.8.0)
      rspec-mocks (~> 2.8.0)
    rspec-core (2.8.0)
    rspec-expectations (2.8.0)
      diff-lcs (~> 1.1.2)
    rspec-mocks (2.8.0)
    rspec-rails (2.8.1)
      actionpack (>= 3.0)
      activesupport (>= 3.0)
      railties (>= 3.0)
      rspec (~> 2.8.0)
    ruby-hmac (0.4.0)
    rubyzip (0.9.5)
    sass (3.1.15)
    sass-rails (3.2.4)
      railties (~> 3.2.0)
      sass (>= 3.1.10)
      tilt (~> 1.3)
    show_for (0.2.4)
    signet (0.3.2)
      addressable (~> 2.2.3)
      faraday (~> 0.7.0)
      jwt (>= 0.1.4)
      multi_json (>= 1.0.0)
    simple_form (2.0.1)
      actionpack (~> 3.0)
      activemodel (~> 3.0)
    simple_oauth (0.1.5)
    sinatra (1.3.2)
      rack (~> 1.3, >= 1.3.6)
      rack-protection (~> 1.2)
      tilt (~> 1.3, >= 1.3.3)
    spork (1.0.0rc2)
    sprockets (2.1.2)
      hike (~> 1.2)
      rack (~> 1.0)
      tilt (!= 1.3.0, ~> 1.1)
    sqlite3 (1.3.5)
    stripe (1.6.2)
      rest-client (~> 1.4)
    term-ansicolor (1.0.7)
    therubyracer (0.9.10)
      libv8 (~> 3.3.10)
    thin (1.3.1)
      daemons (>= 1.0.9)
      eventmachine (>= 0.12.6)
      rack (>= 1.0.0)
    thor (0.14.6)
    tilt (1.3.3)
    treetop (1.4.10)
      polyglot
      polyglot (>= 0.3.1)
    twilio-ruby (3.5.1)
      builder (>= 2.1.2)
      jwt (>= 0.1.2)
      multi_json (>= 1.0.3)
    twitter (2.1.0)
      activesupport (>= 2.3.9, < 4)
      faraday (~> 0.7)
      multi_json (~> 1.0)
      simple_oauth (~> 0.1)
    tzinfo (0.3.31)
    uglifier (1.2.3)
      execjs (>= 0.3.0)
      multi_json (>= 1.0.2)
    unf (0.0.4)
      unf_ext
    unf_ext (0.0.4)
    vegas (0.1.11)
      rack (>= 1.0.0)
    warden (1.1.1)
      rack (>= 1.0)
    webrobots (0.0.13)

PLATFORMS
  ruby

DEPENDENCIES
  ach!
  airbrake
  bootstrap-sass (>= 2.0.1)
  cancan
  coffee-rails (~> 3.2.1)
  degrade
  devise (>= 2.0.0)
  dwolla
  fb_graph
  foreman
  google-api-client
  grape!
  growl
  guard
  guard-bundler
  guard-rails
  guard-rspec
  guard-sass
  guard-spork
  haml (>= 3.1.4)
  heroku
  hominid
  inherited_resources
  jquery-rails
  kaminari
  linkedin
  meta_search (>= 1.1.0)
  octopi
  omniauth
  pg
  postmark-rails
  rack-olark
  rails (= 3.2.2)
  rb-fsevent
  redis
  resque
  rollout
  rspec-rails (>= 2.8.1)
  sass-rails (>= 3.2.3)
  show_for
  simple_form
  spork (>= 1.0.0.rc2)
  sqlite3
  stripe
  therubyracer
  thin
  twilio-ruby
  twitter
  uglifier (>= 1.0.3)
